GEM
  remote: https://rubygems.org/
  specs:
    json (2.6.1)

PLATFORMS
  x64-mingw32

DEPENDENCIES
  json (~> 2.6)

BUNDLED WITH
   2.2.22
