GEM
  remote: https://rubygems.org/
  specs:
    colorize (0.8.1)
    json_pure (2.6.3)

PLATFORMS
  ruby
  x64-mingw-ucrt
  x64-mingw32

DEPENDENCIES
  colorize (~> 0.8.1)
  json_pure (~> 2.6)

BUNDLED WITH
   2.4.7
